PATH
  remote: .
  specs:
    request_recorder (0.1.2)
      activerecord
      rack

GEM
  remote: http://rubygems.org/
  specs:
    activerecord (2.3.14)
      activesupport (= 2.3.14)
    activesupport (2.3.14)
    appraisal (0.4.1)
      bundler
      rake
    bump (0.3.5)
    diff-lcs (1.1.3)
    fakeredis (0.4.0)
      redis (~> 3.0.0)
    rack (1.4.1)
    rake (0.9.2)
    redis (3.0.1)
    rspec (2.6.0)
      rspec-core (~> 2.6.0)
      rspec-expectations (~> 2.6.0)
      rspec-mocks (~> 2.6.0)
    rspec-core (2.6.4)
    rspec-expectations (2.6.0)
      diff-lcs (~> 1.1.2)
    rspec-mocks (2.6.0)
    sqlite3 (1.3.6)

PLATFORMS
  ruby

DEPENDENCIES
  activerecord
  appraisal
  bump
  fakeredis
  rake
  request_recorder!
  rspec (~> 2)
  sqlite3
