PATH
  remote: .
  specs:
    request_recorder (0.3.3)
      activerecord
      logcast (>= 0.1.4)
      multi_json
      rack

GEM
  remote: https://rubygems.org/
  specs:
    activemodel (3.2.13)
      activesupport (= 3.2.13)
      builder (~> 3.0.0)
    activerecord (3.2.13)
      activemodel (= 3.2.13)
      activesupport (= 3.2.13)
      arel (~> 3.0.2)
      tzinfo (~> 0.3.29)
    activesupport (3.2.13)
      i18n (= 0.6.1)
      multi_json (~> 1.0)
    appraisal (0.5.2)
      bundler
      rake
    arel (3.0.2)
    builder (3.0.4)
    bump (0.4.1)
    diff-lcs (1.2.3)
    fakeredis (0.4.2)
      redis (~> 3.0.0)
    i18n (0.6.1)
    iconv (1.0.4)
    json (1.7.7)
    logcast (0.1.4)
    multi_json (1.7.2)
    rack (1.5.2)
    rake (10.0.4)
    redis (3.0.3)
    rspec (2.13.0)
      rspec-core (~> 2.13.0)
      rspec-expectations (~> 2.13.0)
      rspec-mocks (~> 2.13.0)
    rspec-core (2.13.1)
    rspec-expectations (2.13.0)
      diff-lcs (>= 1.1.3, < 2.0)
    rspec-mocks (2.13.1)
    sqlite3 (1.3.7)
    tzinfo (0.3.37)

PLATFORMS
  ruby

DEPENDENCIES
  activerecord (>= 3)
  appraisal
  bump
  fakeredis
  iconv
  json
  logcast (= 0.1.4)
  rack (>= 1.5.2)
  rake
  request_recorder!
  rspec (~> 2)
  sqlite3
